GEM
  remote: http://rubygems.org/
  specs:
    diff-lcs (1.2.5)
    ffi (1.9.3)
    its (0.2.0)
      rspec-core
    piface (0.4.1)
      ffi (~> 1.7)
    rake (12.3.3)
    rspec (3.0.0)
      rspec-core (~> 3.0.0)
      rspec-expectations (~> 3.0.0)
      rspec-mocks (~> 3.0.0)
    rspec-core (3.0.4)
      rspec-support (~> 3.0.0)
    rspec-expectations (3.0.4)
      diff-lcs (>= 1.2.0, < 2.0)
      rspec-support (~> 3.0.0)
    rspec-mocks (3.0.4)
      rspec-support (~> 3.0.0)
    rspec-support (3.0.4)

PLATFORMS
  ruby

DEPENDENCIES
  its
  piface
  rake
  rspec
